GEM
  remote: http://rubygems.org/
  specs:
    addressable (2.2.2)
    daemons (1.1.0)
    em-websocket (0.2.0)
      addressable (>= 2.1.1)
      eventmachine (>= 0.12.9)
    eventmachine (0.12.11)
    rack (1.2.1)
    sinatra (1.1.0)
      rack (~> 1.1)
      tilt (~> 1.1)
    thin (1.2.7)
      daemons (>= 1.0.9)
      eventmachine (>= 0.12.6)
      rack (>= 1.0.0)
    tilt (1.1)

PLATFORMS
  ruby

DEPENDENCIES
  em-websocket
  eventmachine
  sinatra
  thin
